GEM
  remote: https://rubygems.org/
  specs:
    addressable (2.5.2)
      public_suffix (>= 2.0.2, < 4.0)
    curb (0.9.4)
    faraday (0.14.0)
      multipart-post (>= 1.2, < 3)
    httpi (2.4.3)
      rack
      socksify
    multipart-post (2.0.0)
    octokit (4.8.0)
      sawyer (~> 0.8.0, >= 0.5.3)
    public_suffix (3.0.2)
    rack (2.0.4)
    sawyer (0.8.1)
      addressable (>= 2.3.5, < 2.6)
      faraday (~> 0.8, < 1.0)
    socksify (1.7.1)

PLATFORMS
  ruby

DEPENDENCIES
  curb
  httpi
  octokit

BUNDLED WITH
   1.16.1
